PATH
  remote: .
  specs:
    rockette (0.0.6)
      oci (~> 2.0)
      pastel (~> 0.0)
      rest-client (~> 2.0)
      thor (~> 1.0)
      tty-config (~> 0.0)
      tty-editor (~> 0.0)
      tty-font (~> 0.0)
      tty-prompt (~> 0.0)
      tty-spinner (~> 0.0)
      tty-table (~> 0.0)

GEM
  remote: https://rubygems.org/
  specs:
    ast (2.4.2)
    coderay (1.1.3)
    domain_name (0.5.20190701)
      unf (>= 0.0.5, < 1.0.0)
    http-accept (1.7.0)
    http-cookie (1.0.4)
      domain_name (~> 0.5)
    inifile (3.0.0)
    json (2.5.1)
    jwt (2.2.3)
    method_source (1.0.0)
    mime-types (3.3.1)
      mime-types-data (~> 3.2015)
    mime-types-data (3.2021.0901)
    minitest (5.14.4)
    netrc (0.11.0)
    oci (2.15.0)
      inifile (~> 3.0, >= 3.0.0)
      json (>= 1.4.6, < 3.0.0)
      jwt (~> 2.1)
    parallel (1.21.0)
    parser (3.0.2.0)
      ast (~> 2.4.1)
    pastel (0.8.0)
      tty-color (~> 0.5)
    pry (0.14.1)
      coderay (~> 1.1)
      method_source (~> 1.0)
    rainbow (3.0.0)
    rake (13.0.6)
    regexp_parser (2.1.1)
    rest-client (2.1.0)
      http-accept (>= 1.7.0, < 2.0)
      http-cookie (>= 1.0.2, < 2.0)
      mime-types (>= 1.16, < 4.0)
      netrc (~> 0.8)
    rexml (3.2.5)
    rubocop (1.21.0)
      parallel (~> 1.10)
      parser (>= 3.0.0.0)
      rainbow (>= 2.2.2, < 4.0)
      regexp_parser (>= 1.8, < 3.0)
      rexml
      rubocop-ast (>= 1.9.1, < 2.0)
      ruby-progressbar (~> 1.7)
      unicode-display_width (>= 1.4.0, < 3.0)
    rubocop-ast (1.11.0)
      parser (>= 3.0.1.1)
    ruby-progressbar (1.11.0)
    strings (0.2.1)
      strings-ansi (~> 0.2)
      unicode-display_width (>= 1.5, < 3.0)
      unicode_utils (~> 1.4)
    strings-ansi (0.2.0)
    thor (1.1.0)
    tty-color (0.6.0)
    tty-config (0.5.0)
    tty-cursor (0.7.1)
    tty-editor (0.7.0)
      tty-prompt (~> 0.22)
    tty-font (0.5.0)
    tty-prompt (0.23.1)
      pastel (~> 0.8)
      tty-reader (~> 0.8)
    tty-reader (0.9.0)
      tty-cursor (~> 0.7)
      tty-screen (~> 0.8)
      wisper (~> 2.0)
    tty-screen (0.8.1)
    tty-spinner (0.9.3)
      tty-cursor (~> 0.7)
    tty-table (0.12.0)
      pastel (~> 0.8)
      strings (~> 0.2.0)
      tty-screen (~> 0.8)
    unf (0.1.4)
      unf_ext
    unf_ext (0.0.8)
    unicode-display_width (2.1.0)
    unicode_utils (1.4.0)
    wisper (2.0.1)

PLATFORMS
  ruby
  x86_64-darwin-19

DEPENDENCIES
  minitest (~> 5.0)
  pry (~> 0.0)
  rake (~> 13.0)
  rockette!
  rubocop (~> 1.7)

BUNDLED WITH
   2.2.28
